GEM
  remote: https://rubygems.org/
  specs:
    faraday (0.9.0)
      multipart-post (>= 1.2, < 3)
    json (1.8.1)
    multipart-post (2.0.0)

PLATFORMS
  ruby

DEPENDENCIES
  faraday
  json
